PATH
  remote: .
  specs:
    s3mybackup (0.0.3)
      aws-sdk (= 1.7.1)
      gli (= 2.5.3)

GEM
  remote: http://rubygems.org/
  specs:
    aruba (0.5.1)
      childprocess (~> 0.3.6)
      cucumber (>= 1.1.1)
      rspec-expectations (>= 2.7.0)
    aws-sdk (1.7.1)
      httparty (~> 0.7)
      json (~> 1.4)
      nokogiri (>= 1.4.4)
      uuidtools (~> 2.1)
    builder (3.0.0)
    childprocess (0.3.6)
      ffi (~> 1.0, >= 1.0.6)
    cucumber (1.2.1)
      builder (>= 2.1.2)
      diff-lcs (>= 1.1.3)
      gherkin (~> 2.11.0)
      json (>= 1.4.6)
    diff-lcs (1.1.3)
    ffi (1.2.0)
    gherkin (2.11.5)
      json (>= 1.4.6)
    gli (2.5.3)
    httparty (0.9.0)
      multi_json (~> 1.0)
      multi_xml
    json (1.5.1)
    multi_json (1.5.0)
    multi_xml (0.5.1)
    nokogiri (1.5.6)
    rake (10.0.1)
    rdoc (3.12)
      json (~> 1.4)
    rspec-expectations (2.12.1)
      diff-lcs (~> 1.1.3)
    uuidtools (2.1.3)

PLATFORMS
  ruby

DEPENDENCIES
  aruba
  aws-sdk
  rake
  rdoc
  s3mybackup!
